GEM
  remote: https://rubygems.org/
  specs:
    ast (2.4.0)
    jaro_winkler (1.5.4)
    parallel (1.19.1)
    parser (2.7.0.2)
      ast (~> 2.4.0)
    rack (2.0.8)
    rainbow (3.0.0)
    rubocop (0.74.0)
      jaro_winkler (~> 1.5.1)
      parallel (~> 1.10)
      parser (>= 2.6)
      rainbow (>= 2.2.2, < 4.0)
      ruby-progressbar (~> 1.7)
      unicode-display_width (>= 1.4.0, < 1.7)
    rubocop-rails (2.2.1)
      rack (>= 1.1)
      rubocop (>= 0.72.0)
    rubocop-rspec (1.35.0)
      rubocop (>= 0.60.0)
    ruby-progressbar (1.10.1)
    unicode-display_width (1.6.0)

PLATFORMS
  ruby

DEPENDENCIES
  rubocop (= 0.74.0)
  rubocop-rails (= 2.2.1)
  rubocop-rspec (= 1.35.0)

RUBY VERSION
   ruby 2.5.1p57

BUNDLED WITH
   2.1.4
